GEM
  remote: https://rubygems.org/
  specs:
    byebug (10.0.2)
    colorize (0.8.1)
    mail (2.7.1)
      mini_mime (>= 0.1.1)
    mini_mime (1.0.1)
    thor (0.20.3)

PLATFORMS
  ruby

DEPENDENCIES
  byebug
  colorize
  mail
  thor

BUNDLED WITH
   1.16.1
